GEM
  remote: https://rubygems.org/
  specs:
    facter (1.7.5)
    hiera (1.3.2)
      json_pure
    highline (1.6.21)
    json (1.8.1)
    json_pure (1.8.1)
    librarian (0.1.2)
      highline
      thor (~> 0.15)
    librarian-puppet (0.9.17)
      json
      librarian (>= 0.1.2)
    puppet (3.4.3)
      facter (~> 1.6)
      hiera (~> 1.0)
      rgen (~> 0.6.5)
    rgen (0.6.6)
    thor (0.19.1)

PLATFORMS
  ruby

DEPENDENCIES
  librarian-puppet (~> 0.9.13)
  puppet (~> 3.4.3)
